GEM
  remote: https://rubygems.org/
  specs:
    OptionParser (0.5.1)
    mini_portile2 (2.4.0)
    nokogiri (1.10.10)
      mini_portile2 (~> 2.4.0)

PLATFORMS
  ruby

DEPENDENCIES
  OptionParser (~> 0.5.1)
  nokogiri (~> 1.10.10)

BUNDLED WITH
   1.16.2
