GEM
  remote: https://rubygems.org/
  specs:
    OptionParser (0.5.1)
    mini_portile2 (2.8.1)
    nokogiri (1.14.3)
      mini_portile2 (~> 2.8.0)
      racc (~> 1.4)
    racc (1.6.2)

PLATFORMS
  ruby

DEPENDENCIES
  OptionParser (~> 0.5.1)
  nokogiri (~> 1.14.3)

BUNDLED WITH
   1.16.2
